PATH
  remote: .
  specs:
    els_token (1.1.0)

GEM
  remote: http://rubygems.org/
  specs:

PLATFORMS
  ruby

DEPENDENCIES
  els_token!
